GEM
  remote: https://rubygems.org/
  specs:
    erubis (2.7.0)
    multi_json (1.15.0)
    mustermann (1.1.1)
      ruby2_keywords (~> 0.0.1)
    nio4r (2.5.8)
    pg (1.4.1)
    puma (5.6.4)
      nio4r (~> 2.0)
    rack (2.2.4)
    rack-protection (2.2.1)
      rack
    ruby2_keywords (0.0.5)
    sinatra (2.2.1)
      mustermann (~> 1.0)
      rack (~> 2.2)
      rack-protection (= 2.2.1)
      tilt (~> 2.0)
    sinatra-contrib (2.2.1)
      multi_json
      mustermann (~> 1.0)
      rack-protection (= 2.2.1)
      sinatra (= 2.2.1)
      tilt (~> 2.0)
    tilt (2.0.10)

PLATFORMS
  arm64-darwin-21

DEPENDENCIES
  erubis
  pg
  puma
  sinatra
  sinatra-contrib

RUBY VERSION
   ruby 2.7.6p219

BUNDLED WITH
   2.1.4
